GEM
  remote: https://rubygems.org/
  specs:
    RubyInline (3.12.1)
      ZenTest (~> 4.3)
    SyslogLogger (1.4.0)
      hoe (>= 1.2.0)
    ZenTest (4.3.3)
    actionmailer (1.3.6)
      actionpack (= 1.13.6)
    actionpack (1.13.6)
      activesupport (= 1.4.4)
    actionwebservice (1.2.6)
      actionpack (= 1.13.6)
      activerecord (= 1.15.6)
    activerecord (1.15.6)
      activesupport (= 1.4.4)
    activesupport (1.4.4)
    addressable (2.3.3)
    bullet (1.7.6)
    capistrano (2.11.2)
      highline
      net-scp (>= 1.0.0)
      net-sftp (>= 2.0.0)
      net-ssh (>= 2.0.14)
      net-ssh-gateway (>= 1.1.0)
    cgi_multipart_eof_fix (2.5.0)
    daemon_controller (1.0.0)
    daemons (1.1.9)
    diff-lcs (1.1.3)
    fastthread (1.0.7)
    gem_plugin (0.2.3)
    highline (1.6.11)
    hoe (2.14.0)
      rake (~> 0.8)
    image_science (1.2.4)
      RubyInline (~> 3.9)
    json (1.5.5)
    launchy (2.2.0)
      addressable (~> 2.3)
    linecache (0.46)
      rbx-require-relative (> 0.0.4)
    mongrel (1.1.5)
      cgi_multipart_eof_fix (>= 2.4)
      daemons (>= 1.0.3)
      fastthread (>= 1.0.1)
      gem_plugin (>= 0.2.3)
    mysql (2.8.1)
    needle (1.3.0)
    net-scp (1.0.4)
      net-ssh (>= 1.99.1)
    net-sftp (2.0.5)
      net-ssh (>= 2.0.9)
    net-ssh (2.3.0)
    net-ssh-gateway (1.1.0)
      net-ssh (>= 1.99.1)
    passenger (3.0.11)
      daemon_controller (>= 0.2.5)
      fastthread (>= 1.0.1)
      rack
      rake (>= 0.8.1)
    production_log_analyzer (1.5.1)
      rails_analyzer_tools (>= 1.4.0)
    rack (1.2.4)
    rails (1.2.6)
      actionmailer (= 1.3.6)
      actionpack (= 1.13.6)
      actionwebservice (= 1.2.6)
      activerecord (= 1.15.6)
      activesupport (= 1.4.4)
      rake (>= 0.7.2)
    rails_analyzer_tools (1.4.0)
      SyslogLogger (>= 1.4.0)
      hoe (>= 1.2.0)
    rake (0.9.6)
    rbx-require-relative (0.0.9)
    rcov (0.9.11)
    rdoc (3.12.2)
      json (~> 1.4)
    rdoc-data (3.12)
      rdoc (> 2.5, < 4.0)
    rspec (1.1.12)
    rspec-rails (1.1.12)
      rspec (= 1.1.12)
    ruby-debug-base (0.10.4)
      linecache (>= 0.3)
    ruby-debug-ide (0.4.9)
      rake (>= 0.8.1)
    rubyforge (0.4.5)
    syntax (1.0.0)

PLATFORMS
  ruby

DEPENDENCIES
  SyslogLogger (= 1.4.0)
  ZenTest (= 4.3.3)
  bullet (= 1.7.6)
  capistrano (= 2.11.2)
  cgi_multipart_eof_fix (= 2.5.0)
  daemon_controller (= 1.0.0)
  diff-lcs (= 1.1.3)
  fastthread (= 1.0.7)
  gem_plugin (= 0.2.3)
  highline (= 1.6.11)
  hoe (= 2.14.0)
  image_science (= 1.2.4)
  json (~> 1.5.5)
  launchy (>= 2.0.0)
  linecache (= 0.46)
  mongrel (= 1.1.5)
  mysql (= 2.8.1)
  needle (= 1.3.0)
  net-scp (= 1.0.4)
  net-sftp (= 2.0.5)
  net-ssh (= 2.3.0)
  net-ssh-gateway (= 1.1.0)
  passenger (= 3.0.11)
  production_log_analyzer (= 1.5.1)
  rack (= 1.2.4)
  rails (= 1.2.6)
  rails_analyzer_tools (= 1.4.0)
  rake (~> 0.9)
  rbx-require-relative (= 0.0.9)
  rcov (= 0.9.11)
  rdoc
  rdoc-data
  rspec (= 1.1.12)
  rspec-rails (= 1.1.12)
  ruby-debug-base (= 0.10.4)
  ruby-debug-ide (= 0.4.9)
  rubyforge (= 0.4.5)
  syntax
